GEM
  remote: https://rubygems.org/
  specs:
    activesupport (8.0.2.1)
      base64
      benchmark (>= 0.3)
      bigdecimal
      concurrent-ruby (~> 1.0, >= 1.3.1)
      connection_pool (>= 2.2.5)
      drb
      i18n (>= 1.6, < 2)
      logger (>= 1.4.2)
      minitest (>= 5.1)
      securerandom (>= 0.3)
      tzinfo (~> 2.0, >= 2.0.5)
      uri (>= 0.13.1)
    addressable (2.8.1)
      public_suffix (>= 2.0.2, < 6.0)
    aes_key_wrap (1.1.0)
    ast (2.4.2)
    aws-eventstream (1.2.0)
    aws-partitions (1.627.0)
    aws-sdk-core (3.143.0)
      aws-eventstream (~> 1, >= 1.0.2)
      aws-partitions (~> 1, >= 1.525.0)
      aws-sigv4 (~> 1.1)
      jmespath (~> 1, >= 1.6.1)
    aws-sdk-secretsmanager (1.65.0)
      aws-sdk-core (~> 3, >= 3.127.0)
      aws-sigv4 (~> 1.1)
    aws-sigv4 (1.5.1)
      aws-eventstream (~> 1, >= 1.0.2)
    base64 (0.3.0)
    benchmark (0.4.1)
    bigdecimal (3.2.2)
    bindata (2.5.0)
    bundler-audit (0.9.2)
      bundler (>= 1.2.0, < 3)
      thor (~> 1.0)
    byebug (11.1.3)
    coderay (1.1.3)
    concurrent-ruby (1.3.5)
    connection_pool (2.5.3)
    crack (0.4.5)
      rexml
    diff-lcs (1.5.0)
    docile (1.4.1)
    dotenv (2.8.1)
    drb (2.2.3)
    erubi (1.11.0)
    fakefs (1.8.0)
    faraday (2.5.2)
      faraday-net_http (>= 2.0, < 3.1)
      ruby2_keywords (>= 0.0.4)
    faraday-follow_redirects (0.3.0)
      faraday (>= 1, < 3)
    faraday-net_http (3.0.0)
    hashdiff (1.0.1)
    i18n (1.14.7)
      concurrent-ruby (~> 1.0)
    jmespath (1.6.1)
    json (2.13.2)
    json-jwt (1.16.6)
      activesupport (>= 4.2)
      aes_key_wrap
      base64
      bindata
      faraday (~> 2.0)
      faraday-follow_redirects
    jwe (1.1.1)
      base64
    jwt (2.5.0)
    logger (1.7.0)
    method_source (1.0.0)
    mini_portile2 (2.8.9)
    minitest (5.25.5)
    mustermann (3.0.4)
      ruby2_keywords (~> 0.0.1)
    newrelic_rpm (8.12.0)
    nio4r (2.7.4)
    nokogiri (1.18.9)
      mini_portile2 (~> 2.8.2)
      racc (~> 1.4)
    parallel (1.22.1)
    parser (3.1.2.1)
      ast (~> 2.4.1)
    pry (0.14.1)
      coderay (~> 1.1)
      method_source (~> 1.0)
    pry-byebug (3.10.1)
      byebug (~> 11.0)
      pry (>= 0.13, < 0.15)
    public_suffix (5.0.0)
    puma (5.6.9)
      nio4r (~> 2.0)
    racc (1.8.1)
    rack (3.2.0)
    rack-protection (4.1.1)
      base64 (>= 0.1.0)
      logger (>= 1.6.0)
      rack (>= 3.0.0, < 4)
    rack-session (2.1.1)
      base64 (>= 0.1.0)
      rack (>= 3.0.0)
    rack-test (2.0.2)
      rack (>= 1.3)
    rainbow (3.1.1)
    rake (13.0.6)
    regexp_parser (2.6.0)
    rexml (3.4.1)
    rspec (3.11.0)
      rspec-core (~> 3.11.0)
      rspec-expectations (~> 3.11.0)
      rspec-mocks (~> 3.11.0)
    rspec-core (3.11.0)
      rspec-support (~> 3.11.0)
    rspec-expectations (3.11.0)
      diff-lcs (>= 1.2.0, < 2.0)
      rspec-support (~> 3.11.0)
    rspec-mocks (3.11.1)
      diff-lcs (>= 1.2.0, < 2.0)
      rspec-support (~> 3.11.0)
    rspec-support (3.11.0)
    rubocop (1.37.0)
      json (~> 2.3)
      parallel (~> 1.10)
      parser (>= 3.1.2.1)
      rainbow (>= 2.2.2, < 4.0)
      regexp_parser (>= 1.8, < 3.0)
      rexml (>= 3.2.5, < 4.0)
      rubocop-ast (>= 1.22.0, < 2.0)
      ruby-progressbar (~> 1.7)
      unicode-display_width (>= 1.4.0, < 3.0)
    rubocop-ast (1.23.0)
      parser (>= 3.1.1.0)
    rubocop-rspec (2.13.2)
      rubocop (~> 1.33)
    ruby-progressbar (1.11.0)
    ruby2_keywords (0.0.5)
    securerandom (0.4.1)
    simplecov (0.22.0)
      docile (~> 1.1)
      simplecov-html (~> 0.11)
      simplecov_json_formatter (~> 0.1)
    simplecov-html (0.13.1)
    simplecov_json_formatter (0.1.4)
    sinatra (4.1.1)
      logger (>= 1.6.0)
      mustermann (~> 3.0)
      rack (>= 3.0.0, < 4)
      rack-protection (= 4.1.1)
      rack-session (>= 2.0.0, < 3)
      tilt (~> 2.0)
    thor (1.4.0)
    tilt (2.6.1)
    tzinfo (2.0.6)
      concurrent-ruby (~> 1.0)
    unicode-display_width (2.3.0)
    uri (1.0.3)
    webmock (3.18.1)
      addressable (>= 2.8.0)
      crack (>= 0.3.2)
      hashdiff (>= 0.4.0, < 2.0.0)

PLATFORMS
  ruby

DEPENDENCIES
  aws-sdk-secretsmanager (~> 1.21)
  bundler-audit
  byebug
  dotenv
  erubi (~> 1.8)
  fakefs
  faraday
  json-jwt (~> 1.16.6)
  jwe
  jwt (~> 2.1)
  newrelic_rpm
  nokogiri (>= 1.11.0)
  pry-byebug
  puma (~> 5.6)
  rack-test (>= 1.1.0)
  rake
  rspec (~> 3.11)
  rubocop
  rubocop-rspec
  simplecov
  sinatra (~> 4.0)
  webmock

RUBY VERSION
   ruby 3.4.5p51

BUNDLED WITH
   2.6.9
